
type = string-attribute
name = IDCODE_STRING
count = 27
'AFN_Yn-FTKH7Fki_JHDNiUP7jg~

type  = float-attribute
name  = ORIGIN
count = 3
           74.8          109.8            -72

type  = float-attribute
name  = DELTA
count = 3
           -2.7           -2.7           2.97

type = integer-attribute
name = ORIENT_SPECIFIC
count = 3
 1 2 4

type = integer-attribute
name = DATASET_DIMENSIONS
count = 5
 57 70 54 0 0

type = integer-attribute
name = DATASET_RANK
count = 8
 3 7 0 0 0
 0 0 0

type = string-attribute
name = TYPESTRING
count = 14
'3DIM_GEN_FUNC~

type = integer-attribute
name = SCENE_DATA
count = 8
 2 11 3 -999 -999
 -999 -999 -999

type  = float-attribute
name  = IJK_TO_DICOM_REAL
count = 12
           -2.7              0              0           74.8              0
           -2.7              0          109.8              0              0
           2.97            -72

type = string-attribute
name = BRICK_LABS
count = 85
'HC Chi-sq~MB Chi-sq~ME Chi-sq~HC:MB Chi-sq~HC:ME Chi-sq~MB:ME Chi-sq~HC:MB:ME Chi-sq~

type = string-attribute
name = TEMPLATE_SPACE
count = 4
'MNI~

type = integer-attribute
name = BRICK_TYPES
count = 7
 3 3 3 3 3
 3 3

type = string-attribute
name = BRICK_STATSYM
count = 63
'Chisq(2);Chisq(2);Chisq(2);Chisq(2);Chisq(2);Chisq(2);Chisq(2)~

type = string-attribute
name = HISTORY_NOTE
count = 254
'[tug87422@CLA18994.tu.temple.edu: Fri Mar 14 15:27:07 2025] [tug87422@CLA18994.tu.temple.edu: Fri Mar 14 14:44:36 2025] 3dLMEr -prefix check_model -jobs 4 -model 'HC+MB+ME+HC:MB+HC:ME+MB:ME+HC:MB:ME+(1|Subj)' -dataTable @LME_table_corrected.txt -dbgArgs~

type = string-attribute
name = IDCODE_DATE
count = 25
'Fri Mar 14 15:27:07 2025~

type = string-attribute
name = LABEL_1
count = 7
'Viggo!~

type = string-attribute
name = LABEL_2
count = 7
'Viggo!~

type = string-attribute
name = DATASET_NAME
count = 7
'Viggo!~

type  = float-attribute
name  = IJK_TO_DICOM
count = 12
           -2.7              0              0           74.8              0
           -2.7              0          109.8              0              0
           2.97            -72

type  = float-attribute
name  = BRICK_STATS
count = 14
              0       15.27491              0       23.92065              0
       20.50198              0       22.66717              0       21.09913
              0       25.18606              0       28.03252

type  = float-attribute
name  = BRICK_FLOAT_FACS
count = 7
              0              0              0              0              0
              0              0

type = string-attribute
name = BRICK_KEYWORDS
count = 7
'~~~~~~~

type  = float-attribute
name  = BRICK_STATAUX
count = 28
              0              6              1              2              1
              6              1              2              2              6
              1              2              3              6              1
              2              4              6              1              2
              5              6              1              2              6
              6              1              2

type  = float-attribute
name  = FDRCURVE_000000
count = 103
   0.0006209683     0.01243899   0.0001311044     0.00241023    0.004192961
    0.006310117    0.007531438    0.009179447     0.01105826     0.01271814
     0.01412075     0.01632318     0.01806328     0.02016186     0.02203702
     0.02419556     0.02616122     0.02804238     0.02999144     0.03202553
      0.0337011     0.03570379     0.03706976     0.03848896     0.03983346
     0.04141534     0.04291373     0.04443898     0.04627762     0.04724398
     0.04850185     0.04975089     0.05157688     0.05336141     0.05551507
     0.05674222     0.05850427     0.05996398     0.06104464     0.06252131
     0.06386125     0.06546991     0.06716327       0.068988     0.07019672
      0.0718278     0.07320187     0.07454377     0.07539251     0.07707354
     0.07797815     0.07887147     0.08003791     0.08112574     0.08243968
     0.08349326     0.08427283     0.08518281     0.08545172     0.08609952
     0.08726658     0.08838239     0.08871487     0.08921041     0.08956625
     0.08979823     0.09081778     0.09122193     0.09146044     0.09248759
     0.09288646     0.09309582     0.09357953     0.09389204     0.09423871
     0.09428117     0.09443014     0.09443019     0.09443025     0.09443029
     0.09443034      0.0944304     0.09443045      0.0944305     0.09443055
      0.0944306     0.09443065     0.09443069     0.09443074      0.0944308
     0.09443084     0.09443089     0.09443094     0.09443099     0.09443104
     0.09443109     0.09443114     0.09443119     0.09443124      0.0944313
     0.09443134      0.0944314     0.09443327

type  = float-attribute
name  = FDRCURVE_000001
count = 103
   0.0002234052      0.2163187   0.0001399194    0.005078987      0.0147043
     0.02434124     0.03080745     0.03091174     0.03091192      0.0309121
     0.03091228     0.03091246     0.03091263     0.03091281     0.03091299
     0.03091317     0.03091335     0.03091353     0.03091371     0.03091389
     0.03091407     0.03091425     0.03091443      0.0309146     0.03091478
     0.03091496     0.03091514     0.03091532      0.0309155     0.03091568
     0.03091586     0.03091604     0.03091622     0.03091639     0.03091657
     0.03091675     0.03091693     0.03091711     0.03091729     0.03091747
     0.03091765     0.03091783     0.03091801     0.03091814     0.03091814
     0.03091814     0.03091814     0.03091814     0.03091814     0.03091814
     0.03091814     0.03091814     0.03091814     0.03091814     0.03091814
     0.03091814     0.03091814     0.03091814     0.03091814     0.03091814
     0.03091814     0.03091814     0.03091814     0.03091814     0.03091814
     0.03091814     0.03091814     0.03091814     0.03091814     0.03091814
     0.03091814     0.03091814     0.09030611       0.101081      0.1767921
      0.2188472      0.2776967      0.3162797      0.3452525      0.3563616
       0.381116      0.4225591      0.4368455      0.4882476      0.5554196
      0.6157104        0.62424        0.62424        0.62424      0.6263442
      0.6299248      0.6335053      0.6370859      0.6406665      0.6442471
      0.6454077      0.6454077      0.6454077      0.6454077      0.6647956
      0.6702619      0.6757281      0.6833466

type  = float-attribute
name  = FDRCURVE_000002
count = 103
   0.0002592625     0.01978678   0.0001624798    0.003524238    0.006268623
    0.009487934     0.01267387     0.01589365     0.01830481     0.02126852
     0.02411418     0.02693217     0.03019179     0.03287808     0.03588556
     0.03927476     0.04163484     0.04408114     0.04701773     0.04963787
     0.05256411     0.05529775     0.05851139     0.06146374     0.06324599
     0.06522384     0.06839421     0.07109918     0.07350577     0.07606298
     0.07850675     0.08099087     0.08305405     0.08523945     0.08801641
     0.08985607     0.09215932      0.0940888     0.09600732      0.0981361
      0.1004435      0.1026137        0.10406      0.1057598      0.1068036
      0.1081184      0.1094722      0.1110499      0.1123074      0.1137142
      0.1142188      0.1154453      0.1160277      0.1167615      0.1173661
      0.1188481      0.1195324      0.1204492      0.1215983      0.1223994
       0.123125      0.1234306      0.1234649      0.1241717      0.1245553
      0.1250207      0.1252515      0.1253015      0.1254498      0.1255084
      0.1255084      0.1255085      0.1255086      0.1255086      0.1255087
      0.1255088      0.1255088      0.1255089       0.125509      0.1255091
      0.1255091      0.1255092      0.1255092      0.1255093      0.1255094
      0.1255094      0.1255095      0.1255096      0.1255096      0.1255097
      0.1255098      0.1255099      0.1255099        0.12551      0.1255101
      0.1255101      0.1255102      0.1255102      0.1255103      0.1255104
      0.1255105      0.1255105      0.1255116

type  = float-attribute
name  = FDRCURVE_000003
count = 103
   0.0002126838      0.1979265   0.0001332708    0.006622126     0.01610056
     0.02515133     0.03155866     0.03366904      0.0342679     0.03426789
      0.0342679      0.0342679      0.0342679      0.0342679      0.0342679
      0.0342679      0.0342679      0.0342679      0.0342679      0.0342679
      0.0342679      0.0342679      0.0342679      0.0342679      0.0342679
      0.0342679      0.0342679      0.0342679      0.0342679      0.0342679
      0.0342679      0.0342679      0.0342679      0.0342679      0.0342679
      0.0342679      0.0342679      0.0342679      0.0342679      0.0342679
      0.0342679      0.0342679      0.0342679      0.0342679      0.0342679
      0.0342679      0.0342679      0.0342679      0.0342679      0.0342679
      0.0342679      0.0342679      0.0342679      0.0342679      0.0342679
      0.0342679      0.0342679      0.0342679      0.0342679      0.0342679
      0.0342679      0.0342679      0.0342679      0.0342679      0.0342679
      0.0342679      0.0342679      0.0342679      0.0342679      0.0342679
     0.03426789      0.0342679      0.0342679      0.0342679      0.0342679
      0.0342679      0.0342679      0.0342679      0.0342679      0.0342679
      0.0342679      0.0342679      0.0342679      0.0342679      0.0342679
      0.0342679      0.0342679       0.183396      0.1853475      0.1872991
      0.1880877      0.1880877      0.1880877      0.1880877      0.1880877
      0.1880877      0.1880877      0.1880877      0.2050432      0.2074698
      0.2178983      0.2283269      0.2581325

type  = float-attribute
name  = FDRCURVE_000004
count = 103
   0.0002850361     0.01368207   0.0001283403    0.002397274    0.004500967
     0.00600357    0.008042088    0.009675517     0.01147632     0.01356901
     0.01572691         0.0174     0.01950724     0.02186644     0.02390058
     0.02610581      0.0284565     0.03078877     0.03305326      0.0352423
     0.03717909     0.03929652     0.04130659     0.04354069      0.0456248
     0.04772688     0.04930199     0.05106848     0.05333187     0.05594727
     0.05808978     0.05982318     0.06155011     0.06294048     0.06463266
     0.06656101     0.06863339     0.07029649      0.0717845     0.07402042
     0.07628441     0.07826082     0.07975829     0.08144616     0.08311356
     0.08507205     0.08674844      0.0885878     0.09030829     0.09231947
     0.09380144     0.09519956      0.0970493     0.09898163        0.10028
      0.1015645      0.1026171       0.103528       0.104964      0.1063053
      0.1074668      0.1080695      0.1087896      0.1098041      0.1114726
      0.1127392       0.114292       0.115421      0.1166732      0.1174152
      0.1186491      0.1199065      0.1209456      0.1215443       0.121945
      0.1231325      0.1237801      0.1247218      0.1251408      0.1251425
      0.1251435      0.1251435      0.1251435      0.1256556      0.1259913
      0.1264879      0.1270048      0.1272274      0.1276555      0.1282457
      0.1282482      0.1282486      0.1285894      0.1285898      0.1287883
      0.1289945      0.1289999      0.1289999      0.1293449       0.129345
       0.129345      0.1293451       0.129352

type  = float-attribute
name  = FDRCURVE_000005
count = 103
   0.0002176508      0.2511809   0.0001363336    0.001311087    0.002758723
    0.003961273    0.003961699    0.003962126    0.003962551    0.003962977
    0.003963097    0.003963097    0.003963097    0.003963097    0.003963097
    0.003963097    0.003963097    0.003963098    0.003963097    0.003963097
    0.003963097    0.003963097    0.003963097    0.003963097    0.003963097
    0.003963097    0.003963097    0.003963097    0.003963097    0.003963097
    0.003963097    0.003963097    0.003963097    0.003963097    0.003963097
    0.003963097    0.003963097    0.003963097    0.003963097    0.003963097
    0.003963097    0.003963097    0.003963097    0.003963097    0.003963097
    0.003963097    0.003963097    0.003963097    0.003963097    0.003963097
    0.003963097    0.003963097    0.003963097    0.003963097    0.003963097
    0.003963097    0.003963097    0.003963097    0.003963097    0.003963097
    0.003963097    0.003963097    0.003963097    0.003963097    0.003963097
    0.003963097    0.003963097    0.003963097    0.003963097     0.06298798
     0.06394352     0.06414945     0.06744836     0.07033632     0.07033632
     0.07033632     0.07033632     0.07033632     0.07033632      0.3335841
       0.382058      0.4305318      0.4790058      0.5274796      0.5759535
      0.6244274      0.6729013      0.7139508      0.7484072      0.7828637
         0.8372      0.8985472      0.9598943       1.021241       1.082589
       1.143936       1.205283        1.26663       1.327977       1.389325
       1.450672       1.512019       1.533538

type  = float-attribute
name  = FDRCURVE_000006
count = 103
   0.0002101847      0.2803231    0.000131702   0.0003697486   0.0003706928
   0.0003715745   0.0003715745   0.0003715745   0.0003715745   0.0003715745
   0.0003715745   0.0003715745   0.0003715745   0.0003715745   0.0003715745
   0.0003715745   0.0003715745   0.0003715745   0.0003715744   0.0003715744
   0.0003715745   0.0003715745   0.0003715745   0.0003715745   0.0003715744
   0.0003715745   0.0003715745   0.0003715744   0.0003715745   0.0003715745
   0.0003715745   0.0003715744   0.0003715745   0.0003715744   0.0003715745
   0.0003715745   0.0003715745   0.0003715745   0.0003715745   0.0003715745
   0.0003715745   0.0003715745   0.0003715745   0.0003715745   0.0003715745
   0.0003715745   0.0003715745   0.0003715745   0.0003715745   0.0003715745
   0.0003715745   0.0003715745   0.0003715745   0.0003715745   0.0003715745
   0.0003715745     0.01245356     0.02408229     0.02438462     0.02438462
     0.02438462     0.03914605      0.0764175      0.1633586      0.2189113
      0.2507374      0.2507374      0.2507374      0.3848044      0.4267908
      0.4687773      0.5107638      0.5513312      0.5513312      0.5740474
      0.5811323        0.58425      0.6053967      0.6750993      0.7448019
      0.8145044       0.884207      0.9499142       1.013078       1.076241
       1.139405       1.202568       1.265732       1.328896       1.392059
       1.445654       1.484495       1.523337       1.562178       1.601019
        1.63986       1.678701       1.691057       1.702296       1.713535
       1.724775       1.736014       1.747253

type = integer-attribute
name = INT_CMAP
count = 1
 0

type = string-attribute
name = BYTEORDER_STRING
count = 10
'LSB_FIRST~
